GEM
  remote: https://rubygems.org/
  specs:
    bigdecimal (3.1.8)
    colorize (1.1.0)
    csv (3.3.0)
    date (3.4.0)
    httparty (0.22.0)
      csv
      mini_mime (>= 1.0.0)
      multi_xml (>= 0.5.2)
    mini_mime (1.1.5)
    multi_xml (0.7.1)
      bigdecimal (~> 3.1)
    open-uri (0.5.0)
      stringio
      time
      uri
    pastel (0.8.0)
      tty-color (~> 0.5)
    stringio (3.1.2)
    time (0.4.1)
      date
    tty-color (0.6.0)
    tty-cursor (0.7.1)
    tty-prompt (0.23.1)
      pastel (~> 0.8)
      tty-reader (~> 0.8)
    tty-reader (0.9.0)
      tty-cursor (~> 0.7)
      tty-screen (~> 0.8)
      wisper (~> 2.0)
    tty-screen (0.8.2)
    tty-spinner (0.9.3)
      tty-cursor (~> 0.7)
    uri (1.0.2)
    wisper (2.0.1)

PLATFORMS
  aarch64-linux
  aarch64-linux-android

DEPENDENCIES
  colorize
  httparty
  open-uri
  tty-prompt
  tty-spinner

BUNDLED WITH
   2.4.20
